GIT
  remote: git://github.com/makevoid/guard-concat.git
  revision: 1df9b385770a6fad125405cf9de5247c77df5e33
  specs:
    guard-concat (0.8.0)
      guard (>= 2.0)

GEM
  remote: https://rubygems.org/
  specs:
    celluloid (0.16.0)
      timers (~> 4.0.0)
    coderay (1.1.0)
    coffee-script (2.2.0)
      coffee-script-source
      execjs
    coffee-script-source (1.6.3)
    execjs (2.0.2)
    ffi (1.11.2)
    formatador (0.2.5)
    guard (2.0.5)
      formatador (>= 0.2.4)
      listen (~> 2.0)
      lumberjack (~> 1.0)
      pry (>= 0.9.12)
      thor (>= 0.18.1)
    guard-coffeescript (1.3.4)
      coffee-script (>= 2.2.0)
      guard (>= 1.1.0)
    guard-sass (1.3.2)
      guard (>= 1.1.0)
      sass (>= 3.1)
    guard-shell (0.5.1)
      guard (>= 1.1.0)
    hitimes (1.2.2)
    listen (2.8.4)
      celluloid (>= 0.15.2)
      rb-fsevent (>= 0.9.3)
      rb-inotify (>= 0.9)
    lumberjack (1.0.9)
    method_source (0.8.2)
    multi_json (1.8.1)
    pry (0.10.1)
      coderay (~> 1.1.0)
      method_source (~> 0.8.1)
      slop (~> 3.4)
    rb-fsevent (0.9.4)
    rb-inotify (0.9.5)
      ffi (>= 0.5.0)
    sass (3.2.12)
    slop (3.6.0)
    thor (0.19.1)
    timers (4.0.1)
      hitimes
    uglifier (2.2.1)
      execjs (>= 0.3.0)
      multi_json (~> 1.0, >= 1.0.2)
    webrick (1.3.1)
    yui-compressor (0.12.0)

PLATFORMS
  ruby

DEPENDENCIES
  coffee-script
  guard (= 2.0.5)
  guard-coffeescript (= 1.3.4)
  guard-concat!
  guard-sass
  guard-shell
  sass
  uglifier
  webrick
  yui-compressor
